STORAGE: NONE
RESTRICTION: || (== net45) (== net46) (== netstandard2.0)
NUGET
  remote: https://www.nuget.org/api/v2
    FSharp.Core (4.5.2)
